GIT
  remote: git://github.com/peterkeen/grack.git
  revision: 77ffad0fe9f45a68d1aac2be1502dafe1421113e
  specs:
    grack (0.1.0)
      rack

GEM
  remote: http://rubygems.org/
  specs:
    backports (3.3.3)
    capistrano (2.12.0)
      highline
      net-scp (>= 1.0.0)
      net-sftp (>= 2.0.0)
      net-ssh (>= 2.0.14)
      net-ssh-gateway (>= 1.1.0)
    capistrano-buildpack (0.0.13)
    database_cleaner (1.1.1)
    diff-lcs (1.2.4)
    directory_watcher (1.5.1)
    eventmachine (1.0.3)
    highline (1.6.21)
    kgio (2.9.2)
    ledger_web (1.5.0)
      database_cleaner
      directory_watcher
      pg
      rack (>= 1.3.6)
      rspec
      sequel
      sinatra
      sinatra-contrib
      sinatra-session
    net-scp (1.2.1)
      net-ssh (>= 2.6.5)
    net-sftp (2.1.2)
      net-ssh (>= 2.6.5)
    net-ssh (2.9.1)
    net-ssh-gateway (1.2.0)
      net-ssh (>= 2.6.5)
    pg (0.16.0)
    rack (1.5.2)
    rack-protection (1.5.0)
      rack
    rack-ssl (1.3.3)
      rack
    rack-test (0.6.2)
      rack (>= 1.0)
    raindrops (0.13.0)
    rspec (2.14.1)
      rspec-core (~> 2.14.0)
      rspec-expectations (~> 2.14.0)
      rspec-mocks (~> 2.14.0)
    rspec-core (2.14.4)
    rspec-expectations (2.14.1)
      diff-lcs (>= 1.1.3, < 2.0)
    rspec-mocks (2.14.3)
    sequel (4.1.1)
    sinatra (1.4.3)
      rack (~> 1.4)
      rack-protection (~> 1.4)
      tilt (~> 1.3, >= 1.3.4)
    sinatra-contrib (1.4.0)
      backports (>= 2.0)
      eventmachine
      rack-protection
      rack-test
      sinatra (~> 1.4.2)
      tilt (~> 1.3)
    sinatra-session (1.0.0)
      sinatra (>= 1.0)
    tilt (1.4.1)
    unicorn (4.8.3)
      kgio (~> 2.6)
      rack
      raindrops (~> 0.7)

PLATFORMS
  ruby

DEPENDENCIES
  capistrano (= 2.12.0)
  capistrano-buildpack (= 0.0.13)
  grack!
  ledger_web (= 1.5.0)
  rack-ssl
  unicorn
