GIT
  remote: git://github.com/peterkeen/grack.git
  revision: 77ffad0fe9f45a68d1aac2be1502dafe1421113e
  specs:
    grack (0.1.0)
      rack

GIT
  remote: git://github.com/peterkeen/ledger-web.git
  revision: 82045c9ded59496259de8f0c6234a01c83f11d57
  specs:
    ledger_web (1.5.2)
      database_cleaner
      directory_watcher (~> 1.5.1)
      docverter
      pg
      rack (>= 1.3.6)
      rspec
      sequel
      sinatra
      sinatra-contrib
      sinatra-session

GEM
  remote: http://rubygems.org/
  specs:
    RubyInline (3.12.4)
      ZenTest (~> 4.3)
    ZenTest (4.11.0)
    activesupport (4.2.6)
      i18n (~> 0.7)
      json (~> 1.7, >= 1.7.7)
      minitest (~> 5.1)
      thread_safe (~> 0.3, >= 0.3.4)
      tzinfo (~> 1.1)
    backports (3.6.8)
    capistrano (2.12.0)
      highline
      net-scp (>= 1.0.0)
      net-sftp (>= 2.0.0)
      net-ssh (>= 2.0.14)
      net-ssh-gateway (>= 1.1.0)
    capistrano-buildpack (0.0.14)
    database_cleaner (1.5.3)
    diff-lcs (1.3)
    directory_watcher (1.5.1)
    docverter (1.0.1)
      rest-client (~> 1.7)
    domain_name (0.5.20170223)
      unf (>= 0.0.5, < 1.0.0)
    highline (1.6.21)
    http-cookie (1.0.3)
      domain_name (~> 0.5)
    i18n (0.7.0)
    json (1.8.2)
    mime-types (2.99.3)
    minitest (5.9.0)
    multi_json (1.12.1)
    net-scp (1.2.1)
      net-ssh (>= 2.6.5)
    net-sftp (2.1.2)
      net-ssh (>= 2.6.5)
    net-ssh (2.9.1)
    net-ssh-gateway (1.2.0)
      net-ssh (>= 2.6.5)
    netrc (0.11.0)
    pg (0.19.0)
    puma (2.14.0)
    rack (1.6.4)
    rack-protection (1.5.3)
      rack
    rack-rewrite (1.5.1)
    rack-ssl (1.3.3)
      rack
    rack-test (0.6.3)
      rack (>= 1.0)
    rake (10.4.2)
    rest-client (1.8.0)
      http-cookie (>= 1.0.2, < 2.0)
      mime-types (>= 1.16, < 3.0)
      netrc (~> 0.7)
    rspec (3.5.0)
      rspec-core (~> 3.5.0)
      rspec-expectations (~> 3.5.0)
      rspec-mocks (~> 3.5.0)
    rspec-core (3.5.4)
      rspec-support (~> 3.5.0)
    rspec-expectations (3.5.0)
      diff-lcs (>= 1.2.0, < 2.0)
      rspec-support (~> 3.5.0)
    rspec-mocks (3.5.0)
      diff-lcs (>= 1.2.0, < 2.0)
      rspec-support (~> 3.5.0)
    rspec-support (3.5.0)
    sequel (4.44.0)
    sinatra (1.4.8)
      rack (~> 1.5)
      rack-protection (~> 1.4)
      tilt (>= 1.3, < 3)
    sinatra-contrib (1.4.7)
      backports (>= 2.0)
      multi_json
      rack-protection
      rack-test
      sinatra (~> 1.4.0)
      tilt (>= 1.3, < 3)
    sinatra-session (1.0.0)
      sinatra (>= 1.0)
    thread_safe (0.3.5)
    tilt (2.0.6)
    tzinfo (1.2.2)
      thread_safe (~> 0.1)
    unf (0.1.4)
      unf_ext
    unf_ext (0.0.7.2)
    xirr (0.5.4)
      RubyInline (~> 3)
      activesupport (~> 4)

PLATFORMS
  ruby

DEPENDENCIES
  capistrano (= 2.12.0)
  capistrano-buildpack (= 0.0.14)
  grack!
  json
  ledger_web!
  puma
  rack-rewrite (~> 1.5.0)
  rack-ssl
  rake
  xirr

BUNDLED WITH
   1.13.7
